PATH
  remote: .
  specs:
    hitchcock (0.0.1)
      awesome_print
      marathon_client
      trollop (~> 2.0)
      zk

GEM
  remote: https://rubygems.org/
  specs:
    awesome_print (1.2.0)
    httparty (0.11.0)
      multi_json (~> 1.0)
      multi_xml (>= 0.5.2)
    little-plugger (1.1.3)
    logging (1.7.2)
      little-plugger (>= 1.1.3)
    marathon_client (0.2.1)
      httparty (~> 0.11.0)
      trollop (~> 2.0)
    multi_json (1.8.2)
    multi_xml (0.5.5)
    trollop (2.0)
    zk (1.9.2)
      logging (~> 1.7.2)
      zookeeper (~> 1.4.0)
    zookeeper (1.4.7)

PLATFORMS
  ruby

DEPENDENCIES
  bundler
  hitchcock!
